GIT
  remote: https://github.com/vivekmiyani/ajax-datatables-rails.git
  revision: 9cc71eaab9d13365fbfa7b40ac02db8a34df571b
  specs:
    ajax-datatables-rails (1.1.0)
      railties (>= 4.2)

GIT
  remote: https://github.com/vivekmiyani/fedex.git
  revision: fae5179bf5c97e52b49142c2106393fe3a9a8e0d
  specs:
    fedex (3.17)
      httparty (>= 0.14.0)
      nokogiri (>= 1.5.6)

GIT
  remote: https://github.com/vivekmiyani/msgraph-sdk-ruby.git
  revision: c4ff82459dd9f57c223751776ca23dcf1e8ef835
  specs:
    microsoft_graph (0.1.3)
      nokogiri (>= 1.8.0)

GIT
  remote: https://github.com/vivekmiyani/time_machine.git
  revision: ba24f9a55e5711b85625a36551513c51efe97c4d
  specs:
    time_machine (0.1.0)
      activerecord
      request_store (~> 1.1)

GEM
  remote: https://rubygems.org/
  specs:
    actioncable (5.2.4.2)
      actionpack (= 5.2.4.2)
      nio4r (~> 2.0)
      websocket-driver (>= 0.6.1)
    actionmailer (5.2.4.2)
      actionpack (= 5.2.4.2)
      actionview (= 5.2.4.2)
      activejob (= 5.2.4.2)
      mail (~> 2.5, >= 2.5.4)
      rails-dom-testing (~> 2.0)
    actionpack (5.2.4.2)
      actionview (= 5.2.4.2)
      activesupport (= 5.2.4.2)
      rack (~> 2.0, >= 2.0.8)
      rack-test (>= 0.6.3)
      rails-dom-testing (~> 2.0)
      rails-html-sanitizer (~> 1.0, >= 1.0.2)
    actionview (5.2.4.2)
      activesupport (= 5.2.4.2)
      builder (~> 3.1)
      erubi (~> 1.4)
      rails-dom-testing (~> 2.0)
      rails-html-sanitizer (~> 1.0, >= 1.0.3)
    activejob (5.2.4.2)
      activesupport (= 5.2.4.2)
      globalid (>= 0.3.6)
    activemodel (5.2.4.2)
      activesupport (= 5.2.4.2)
    activerecord (5.2.4.2)
      activemodel (= 5.2.4.2)
      activesupport (= 5.2.4.2)
      arel (>= 9.0)
    activestorage (5.2.4.2)
      actionpack (= 5.2.4.2)
      activerecord (= 5.2.4.2)
      marcel (~> 0.3.1)
    activesupport (5.2.4.2)
      concurrent-ruby (~> 1.0, >= 1.0.2)
      i18n (>= 0.7, < 2)
      minitest (~> 5.1)
      tzinfo (~> 1.1)
    addressable (2.8.0)
      public_suffix (>= 2.0.2, < 5.0)
    airbrussh (1.4.0)
      sshkit (>= 1.6.1, != 1.7.0)
    american_date (1.2.0)
    ancestry (3.2.1)
      activerecord (>= 4.2.0)
    arel (9.0.0)
    audited (4.10.0)
      activerecord (>= 4.2, < 6.2)
    authorizenet (2.0.0)
      activesupport (>= 4.2.6)
      nokogiri (~> 1.6, >= 1.6.4)
      roxml (>= 3.3.1)
    aws-eventstream (1.2.0)
    aws-partitions (1.562.0)
    aws-record (2.7.0)
      aws-sdk-dynamodb (~> 1.18)
    aws-sdk-core (3.127.0)
      aws-eventstream (~> 1, >= 1.0.2)
      aws-partitions (~> 1, >= 1.525.0)
      aws-sigv4 (~> 1.1)
      jmespath (~> 1.0)
    aws-sdk-dynamodb (1.74.0)
      aws-sdk-core (~> 3, >= 3.127.0)
      aws-sigv4 (~> 1.1)
    aws-sdk-kms (1.55.0)
      aws-sdk-core (~> 3, >= 3.127.0)
      aws-sigv4 (~> 1.1)
    aws-sdk-rails (3.6.1)
      aws-record (~> 2)
      aws-sdk-ses (~> 1)
      aws-sdk-sqs (~> 1)
      aws-sessionstore-dynamodb (~> 2)
      concurrent-ruby (~> 1)
      railties (>= 5.2.0)
    aws-sdk-s3 (1.113.0)
      aws-sdk-core (~> 3, >= 3.127.0)
      aws-sdk-kms (~> 1)
      aws-sigv4 (~> 1.4)
    aws-sdk-ses (1.47.0)
      aws-sdk-core (~> 3, >= 3.127.0)
      aws-sigv4 (~> 1.1)
    aws-sdk-sqs (1.51.0)
      aws-sdk-core (~> 3, >= 3.127.0)
      aws-sigv4 (~> 1.1)
    aws-sessionstore-dynamodb (2.0.1)
      aws-sdk-dynamodb (~> 1)
      rack (~> 2)
    aws-sigv4 (1.4.0)
      aws-eventstream (~> 1, >= 1.0.2)
    bcrypt (3.1.16)
    bindex (0.8.1)
    builder (3.2.4)
    cancancan (3.3.0)
    capistrano (3.16.0)
      airbrussh (>= 1.0.0)
      i18n
      rake (>= 10.0.0)
      sshkit (>= 1.9.0)
    capistrano-bundler (2.0.1)
      capistrano (~> 3.1)
    capistrano-passenger (0.2.1)
      capistrano (~> 3.0)
    capistrano-rails (1.6.2)
      capistrano (~> 3.1)
      capistrano-bundler (>= 1.1, < 3)
    capistrano-rvm (0.1.2)
      capistrano (~> 3.0)
      sshkit (~> 1.2)
    capybara (2.18.0)
      addressable
      mini_mime (>= 0.1.3)
      nokogiri (>= 1.3.3)
      rack (>= 1.0.0)
      rack-test (>= 0.5.4)
      xpath (>= 2.0, < 4.0)
    carrierwave (1.3.2)
      activemodel (>= 4.0.0)
      activesupport (>= 4.0.0)
      mime-types (>= 1.16)
      ssrf_filter (~> 1.0)
    carrierwave-aws (1.4.0)
      aws-sdk-s3 (~> 1.0)
      carrierwave (>= 0.7, < 2.1)
    chartkick (3.4.2)
    childprocess (3.0.0)
    chronic (0.10.2)
    ckeditor (5.1.1)
      orm_adapter (~> 0.5.0)
    cocoon (1.2.15)
    coderay (1.1.3)
    coffee-rails (4.2.2)
      coffee-script (>= 2.2.0)
      railties (>= 4.0.0)
    coffee-script (2.4.1)
      coffee-script-source
      execjs
    coffee-script-source (1.12.2)
    concurrent-ruby (1.1.9)
    connection_pool (2.2.5)
    crass (1.0.6)
    croppie_rails (2.4.0)
    daemons (1.4.1)
    declarative (0.0.20)
    devise (4.8.1)
      bcrypt (~> 3.0)
      orm_adapter (~> 0.1)
      railties (>= 4.1.0)
      responders
      warden (~> 1.2.3)
    dropzonejs-rails (0.8.5)
      rails (> 3.1)
    erubi (1.10.0)
    et-orbi (1.2.6)
      tzinfo
    exception_notification (4.5.0)
      actionmailer (>= 5.2, < 8)
      activesupport (>= 5.2, < 8)
    excon (0.91.0)
    execjs (2.8.1)
    faraday (1.10.0)
      faraday-em_http (~> 1.0)
      faraday-em_synchrony (~> 1.0)
      faraday-excon (~> 1.1)
      faraday-httpclient (~> 1.0)
      faraday-multipart (~> 1.0)
      faraday-net_http (~> 1.0)
      faraday-net_http_persistent (~> 1.0)
      faraday-patron (~> 1.0)
      faraday-rack (~> 1.0)
      faraday-retry (~> 1.0)
      ruby2_keywords (>= 0.0.4)
    faraday-em_http (1.0.0)
    faraday-em_synchrony (1.0.0)
    faraday-excon (1.1.0)
    faraday-httpclient (1.0.1)
    faraday-multipart (1.0.3)
      multipart-post (>= 1.2, < 3)
    faraday-net_http (1.0.1)
    faraday-net_http_persistent (1.2.0)
    faraday-patron (1.0.0)
    faraday-rack (1.0.0)
    faraday-retry (1.0.3)
    ffi (1.15.5)
    figaro (1.2.0)
      thor (>= 0.14.0, < 2)
    fog-aws (3.13.0)
      fog-core (~> 2.1)
      fog-json (~> 1.1)
      fog-xml (~> 0.1)
    fog-core (2.2.4)
      builder
      excon (~> 0.71)
      formatador (~> 0.2)
      mime-types
    fog-json (1.2.0)
      fog-core
      multi_json (~> 1.10)
    fog-xml (0.1.4)
      fog-core
      nokogiri (>= 1.5.11, < 2.0.0)
    formatador (0.3.0)
    fugit (1.5.2)
      et-orbi (~> 1.1, >= 1.1.8)
      raabro (~> 1.4)
    gems (1.2.0)
    geocoder (1.7.3)
    geokit (1.13.1)
    geokit-rails (2.3.2)
      geokit (~> 1.5)
      rails (>= 3.0)
    globalid (1.0.0)
      activesupport (>= 5.0)
    gmaps4rails (2.1.2)
    google-api-client (0.53.0)
      google-apis-core (~> 0.1)
      google-apis-generator (~> 0.1)
    google-apis-core (0.4.2)
      addressable (~> 2.5, >= 2.5.1)
      googleauth (>= 0.16.2, < 2.a)
      httpclient (>= 2.8.1, < 3.a)
      mini_mime (~> 1.0)
      representable (~> 3.0)
      retriable (>= 2.0, < 4.a)
      rexml
      webrick
    google-apis-discovery_v1 (0.8.0)
      google-apis-core (>= 0.4, < 2.a)
    google-apis-generator (0.4.1)
      activesupport (>= 5.0)
      gems (~> 1.2)
      google-apis-core (>= 0.4, < 2.a)
      google-apis-discovery_v1 (~> 0.5)
      thor (>= 0.20, < 2.a)
    googleauth (1.1.2)
      faraday (>= 0.17.3, < 3.a)
      jwt (>= 1.4, < 3.0)
      memoist (~> 0.16)
      multi_json (~> 1.11)
      os (>= 0.9, < 2.0)
      signet (>= 0.16, < 2.a)
    httparty (0.20.0)
      mime-types (~> 3.0)
      multi_xml (>= 0.5.2)
    httpclient (2.8.3)
    i18n (1.10.0)
      concurrent-ruby (~> 1.0)
    jbuilder (2.11.5)
      actionview (>= 5.0.0)
      activesupport (>= 5.0.0)
    jmespath (1.6.0)
    js-routes (2.2.2)
      railties (>= 4)
    jwt (2.3.0)
    listen (3.1.5)
      rb-fsevent (~> 0.9, >= 0.9.4)
      rb-inotify (~> 0.9, >= 0.9.7)
      ruby_dep (~> 1.2)
    loofah (2.14.0)
      crass (~> 1.0.2)
      nokogiri (>= 1.5.9)
    mail (2.7.1)
      mini_mime (>= 0.1.1)
    marcel (0.3.3)
      mimemagic (~> 0.3.2)
    memoist (0.16.2)
    method_source (1.0.0)
    mime-types (3.4.1)
      mime-types-data (~> 3.2015)
    mime-types-data (3.2022.0105)
    mimemagic (0.3.10)
      nokogiri (~> 1)
      rake
    mini_magick (4.11.0)
    mini_mime (1.1.2)
    mini_portile2 (2.6.1)
    minitest (5.15.0)
    multi_json (1.15.0)
    multi_xml (0.6.0)
    multipart-post (2.1.1)
    mustache (1.1.1)
    net-scp (3.0.0)
      net-ssh (>= 2.6.5, < 7.0.0)
    net-ssh (6.1.0)
    nio4r (2.5.8)
    nokogiri (1.12.5)
      mini_portile2 (~> 2.6.1)
      racc (~> 1.4)
    oauth2 (1.4.9)
      faraday (>= 0.17.3, < 3.0)
      jwt (>= 1.0, < 3.0)
      multi_json (~> 1.3)
      multi_xml (~> 0.5)
      rack (>= 1.2, < 3)
    orm_adapter (0.5.0)
    os (1.1.4)
    pg (1.3.3)
    pry (0.14.1)
      coderay (~> 1.1)
      method_source (~> 1.0)
    pry-nav (1.0.0)
      pry (>= 0.9.10, < 0.15)
    pry-rails (0.3.9)
      pry (>= 0.10.4)
    public_suffix (4.0.6)
    puma (3.12.6)
    raabro (1.4.0)
    racc (1.6.0)
    rack (2.2.3)
    rack-test (1.1.0)
      rack (>= 1.0, < 3)
    rails (5.2.4.2)
      actioncable (= 5.2.4.2)
      actionmailer (= 5.2.4.2)
      actionpack (= 5.2.4.2)
      actionview (= 5.2.4.2)
      activejob (= 5.2.4.2)
      activemodel (= 5.2.4.2)
      activerecord (= 5.2.4.2)
      activestorage (= 5.2.4.2)
      activesupport (= 5.2.4.2)
      bundler (>= 1.3.0)
      railties (= 5.2.4.2)
      sprockets-rails (>= 2.0.0)
    rails-dom-testing (2.0.3)
      activesupport (>= 4.2.0)
      nokogiri (>= 1.6)
    rails-html-sanitizer (1.4.2)
      loofah (~> 2.3)
    railties (5.2.4.2)
      actionpack (= 5.2.4.2)
      activesupport (= 5.2.4.2)
      method_source
      rake (>= 0.8.7)
      thor (>= 0.19.0, < 2.0)
    rake (13.0.6)
    rb-fsevent (0.11.1)
    rb-inotify (0.10.1)
      ffi (~> 1.0)
    redis (4.6.0)
    representable (3.1.1)
      declarative (< 0.1.0)
      trailblazer-option (>= 0.1.1, < 0.2.0)
      uber (< 0.2.0)
    request_store (1.5.1)
      rack (>= 1.4)
    responders (3.0.1)
      actionpack (>= 5.0)
      railties (>= 5.0)
    retriable (3.1.2)
    rexml (3.2.5)
    rolify (6.0.0)
    roxml (4.2.0)
      activesupport (>= 4.0)
      nokogiri (>= 1.3.3)
    ruby2_keywords (0.0.5)
    ruby_dep (1.5.0)
    rubyzip (2.3.2)
    sass (3.7.4)
      sass-listen (~> 4.0.0)
    sass-listen (4.0.0)
      rb-fsevent (~> 0.9, >= 0.9.4)
      rb-inotify (~> 0.9, >= 0.9.7)
    sass-rails (5.1.0)
      railties (>= 5.2.0)
      sass (~> 3.1)
      sprockets (>= 2.8, < 4.0)
      sprockets-rails (>= 2.0, < 4.0)
      tilt (>= 1.1, < 3)
    select2-rails (4.0.13)
    selenium-webdriver (3.142.7)
      childprocess (>= 0.5, < 4.0)
      rubyzip (>= 1.2.2)
    sidekiq (6.4.1)
      connection_pool (>= 2.2.2)
      rack (~> 2.0)
      redis (>= 4.2.0)
    sidekiq-cron (1.2.0)
      fugit (~> 1.1)
      sidekiq (>= 4.2.1)
    signet (0.16.1)
      addressable (~> 2.8)
      faraday (>= 0.17.5, < 3.0)
      jwt (>= 1.5, < 3.0)
      multi_json (~> 1.10)
    spring (2.1.1)
    spring-watcher-listen (2.0.1)
      listen (>= 2.7, < 4.0)
      spring (>= 1.2, < 3.0)
    sprockets (3.7.2)
      concurrent-ruby (~> 1.0)
      rack (> 1, < 3)
    sprockets-rails (3.4.2)
      actionpack (>= 5.2)
      activesupport (>= 5.2)
      sprockets (>= 3.0.0)
    sshkit (1.21.2)
      net-scp (>= 1.1.2)
      net-ssh (>= 2.8.0)
    ssrf_filter (1.0.7)
    thor (1.2.1)
    thread_safe (0.3.6)
    tilt (2.0.10)
    trailblazer-option (0.1.2)
    turbolinks (5.2.1)
      turbolinks-source (~> 5.2)
    turbolinks-source (5.2.0)
    twilio-ruby (5.41.0)
      faraday (>= 0.9, < 2.0)
      jwt (>= 1.5, <= 2.5)
      nokogiri (>= 1.6, < 2.0)
    tzinfo (1.2.9)
      thread_safe (~> 0.1)
    uber (0.1.0)
    uglifier (4.2.0)
      execjs (>= 0.3.0, < 3)
    warden (1.2.9)
      rack (>= 2.0.9)
    web-console (3.7.0)
      actionview (>= 5.0)
      activemodel (>= 5.0)
      bindex (>= 0.4.0)
      railties (>= 5.0)
    webrick (1.7.0)
    websocket-driver (0.7.5)
      websocket-extensions (>= 0.1.0)
    websocket-extensions (0.1.5)
    whenever (1.0.0)
      chronic (>= 0.6.3)
    wicked_pdf (2.1.0)
      activesupport
    wkhtmltopdf-binary (0.12.6.5)
    xpath (3.2.0)
      nokogiri (~> 1.8)

PLATFORMS
  ruby

DEPENDENCIES
  ajax-datatables-rails!
  american_date
  ancestry (~> 3.2)
  audited (~> 4.7)
  authorizenet
  aws-sdk-rails
  cancancan
  capistrano
  capistrano-bundler
  capistrano-passenger
  capistrano-rails
  capistrano-rvm
  capybara (~> 2.13)
  carrierwave (~> 1.0)
  carrierwave-aws
  chartkick
  ckeditor
  cocoon
  coffee-rails (~> 4.2)
  croppie_rails
  daemons
  devise
  dropzonejs-rails
  exception_notification
  fedex!
  figaro
  fog-aws
  geocoder (~> 1.6)
  geokit-rails
  gmaps4rails
  google-api-client
  jbuilder (~> 2.5)
  js-routes
  listen (>= 3.0.5, < 3.2)
  microsoft_graph!
  mimemagic (~> 0.3.10)
  mini_magick
  mustache (~> 1.0)
  oauth2
  pg
  pry-nav
  pry-rails
  puma (~> 3.7)
  rails (= 5.2.4.2)
  rolify
  sass-rails (~> 5.0)
  select2-rails (~> 4.0, >= 4.0.3)
  selenium-webdriver
  sidekiq
  sidekiq-cron
  spring
  spring-watcher-listen (~> 2.0.0)
  time_machine (= 0.1)!
  turbolinks (~> 5)
  twilio-ruby (~> 5.41.0)
  tzinfo-data
  uglifier (>= 1.3.0)
  web-console (>= 3.3.0)
  whenever
  wicked_pdf
  wkhtmltopdf-binary

BUNDLED WITH
   1.17.3
